GEM
  remote: https://rubygems.org/
  specs:
    actioncable (8.0.0.beta1)
      actionpack (= 8.0.0.beta1)
      activesupport (= 8.0.0.beta1)
      nio4r (~> 2.0)
      websocket-driver (>= 0.6.1)
      zeitwerk (~> 2.6)
    actionmailbox (8.0.0.beta1)
      actionpack (= 8.0.0.beta1)
      activejob (= 8.0.0.beta1)
      activerecord (= 8.0.0.beta1)
      activestorage (= 8.0.0.beta1)
      activesupport (= 8.0.0.beta1)
      mail (>= 2.8.0)
    actionmailer (8.0.0.beta1)
      actionpack (= 8.0.0.beta1)
      actionview (= 8.0.0.beta1)
      activejob (= 8.0.0.beta1)
      activesupport (= 8.0.0.beta1)
      mail (>= 2.8.0)
      rails-dom-testing (~> 2.2)
    actionpack (8.0.0.beta1)
      actionview (= 8.0.0.beta1)
      activesupport (= 8.0.0.beta1)
      nokogiri (>= 1.8.5)
      rack (>= 2.2.4)
      rack-session (>= 1.0.1)
      rack-test (>= 0.6.3)
      rails-dom-testing (~> 2.2)
      rails-html-sanitizer (~> 1.6)
      useragent (~> 0.16)
    actiontext (8.0.0.beta1)
      actionpack (= 8.0.0.beta1)
      activerecord (= 8.0.0.beta1)
      activestorage (= 8.0.0.beta1)
      activesupport (= 8.0.0.beta1)
      globalid (>= 0.6.0)
      nokogiri (>= 1.8.5)
    actionview (8.0.0.beta1)
      activesupport (= 8.0.0.beta1)
      builder (~> 3.1)
      erubi (~> 1.11)
      rails-dom-testing (~> 2.2)
      rails-html-sanitizer (~> 1.6)
    activejob (8.0.0.beta1)
      activesupport (= 8.0.0.beta1)
      globalid (>= 0.3.6)
    activemodel (8.0.0.beta1)
      activesupport (= 8.0.0.beta1)
    activerecord (8.0.0.beta1)
      activemodel (= 8.0.0.beta1)
      activesupport (= 8.0.0.beta1)
      timeout (>= 0.4.0)
    activestorage (8.0.0.beta1)
      actionpack (= 8.0.0.beta1)
      activejob (= 8.0.0.beta1)
      activerecord (= 8.0.0.beta1)
      activesupport (= 8.0.0.beta1)
      marcel (~> 1.0)
    activesupport (8.0.0.beta1)
      base64
      benchmark (>= 0.3)
      bigdecimal
      concurrent-ruby (~> 1.0, >= 1.3.1)
      connection_pool (>= 2.2.5)
      drb
      i18n (>= 1.6, < 2)
      logger (>= 1.4.2)
      minitest (>= 5.1)
      securerandom (>= 0.3)
      tzinfo (~> 2.0, >= 2.0.5)
      uri (>= 0.13.1)
    base64 (0.2.0)
    benchmark (0.3.0)
    bigdecimal (3.1.8)
    bootsnap (1.18.4)
      msgpack (~> 1.2)
    builder (3.3.0)
    concurrent-ruby (1.3.4)
    connection_pool (2.4.1)
    crass (1.0.6)
    date (3.3.4)
    drb (2.2.1)
    erubi (1.13.0)
    globalid (1.2.1)
      activesupport (>= 6.1)
    i18n (1.14.6)
      concurrent-ruby (~> 1.0)
    io-console (0.7.2)
    irb (1.14.1)
      rdoc (>= 4.0.0)
      reline (>= 0.4.2)
    logger (1.6.1)
    loofah (2.22.0)
      crass (~> 1.0.2)
      nokogiri (>= 1.12.0)
    mail (2.8.1)
      mini_mime (>= 0.1.1)
      net-imap
      net-pop
      net-smtp
    marcel (1.0.4)
    mini_mime (1.1.5)
    minitest (5.25.1)
    msgpack (1.7.3)
    net-imap (0.4.16)
      date
      net-protocol
    net-pop (0.1.2)
      net-protocol
    net-protocol (0.2.2)
      timeout
    net-smtp (0.5.0)
      net-protocol
    nio4r (2.7.3)
    nokogiri (1.16.7-aarch64-linux)
      racc (~> 1.4)
    nokogiri (1.16.7-arm-linux)
      racc (~> 1.4)
    nokogiri (1.16.7-arm64-darwin)
      racc (~> 1.4)
    nokogiri (1.16.7-x86-linux)
      racc (~> 1.4)
    nokogiri (1.16.7-x86_64-darwin)
      racc (~> 1.4)
    nokogiri (1.16.7-x86_64-linux)
      racc (~> 1.4)
    pg (1.5.8)
    propshaft (1.1.0)
      actionpack (>= 7.0.0)
      activesupport (>= 7.0.0)
      rack
      railties (>= 7.0.0)
    psych (5.1.2)
      stringio
    puma (6.4.3)
      nio4r (~> 2.0)
    racc (1.8.1)
    rack (3.1.7)
    rack-session (2.0.0)
      rack (>= 3.0.0)
    rack-test (2.1.0)
      rack (>= 1.3)
    rackup (2.1.0)
      rack (>= 3)
      webrick (~> 1.8)
    rails (8.0.0.beta1)
      actioncable (= 8.0.0.beta1)
      actionmailbox (= 8.0.0.beta1)
      actionmailer (= 8.0.0.beta1)
      actionpack (= 8.0.0.beta1)
      actiontext (= 8.0.0.beta1)
      actionview (= 8.0.0.beta1)
      activejob (= 8.0.0.beta1)
      activemodel (= 8.0.0.beta1)
      activerecord (= 8.0.0.beta1)
      activestorage (= 8.0.0.beta1)
      activesupport (= 8.0.0.beta1)
      bundler (>= 1.15.0)
      railties (= 8.0.0.beta1)
    rails-dom-testing (2.2.0)
      activesupport (>= 5.0.0)
      minitest
      nokogiri (>= 1.6)
    rails-html-sanitizer (1.6.0)
      loofah (~> 2.21)
      nokogiri (~> 1.14)
    railties (8.0.0.beta1)
      actionpack (= 8.0.0.beta1)
      activesupport (= 8.0.0.beta1)
      irb (~> 1.13)
      rackup (>= 1.0.0)
      rake (>= 12.2)
      thor (~> 1.0, >= 1.2.2)
      zeitwerk (~> 2.6)
    rake (13.2.1)
    rdoc (6.7.0)
      psych (>= 4.0.0)
    reline (0.5.10)
      io-console (~> 0.5)
    securerandom (0.3.1)
    stringio (3.1.1)
    thor (1.3.2)
    thruster (0.1.8)
    thruster (0.1.8-aarch64-linux)
    thruster (0.1.8-arm64-darwin)
    thruster (0.1.8-x86_64-darwin)
    thruster (0.1.8-x86_64-linux)
    timeout (0.4.1)
    tzinfo (2.0.6)
      concurrent-ruby (~> 1.0)
    uri (0.13.1)
    useragent (0.16.10)
    webrick (1.8.2)
    websocket-driver (0.7.6)
      websocket-extensions (>= 0.1.0)
    websocket-extensions (0.1.5)
    zeitwerk (2.6.18)

PLATFORMS
  aarch64-linux
  arm-linux
  arm64-darwin
  x86-linux
  x86_64-darwin
  x86_64-linux

DEPENDENCIES
  bootsnap
  pg
  propshaft
  puma
  rails (= 8.0.0.beta1)
  thruster
  tzinfo-data

RUBY VERSION
   ruby 3.3.5p100

BUNDLED WITH
   2.5.21
